GEM
  remote: http://rubygems.org/
  specs:
    abstract (1.0.0)
    actionmailer (3.0.0)
      actionpack (= 3.0.0)
      mail (~> 2.2.5)
    actionpack (3.0.0)
      activemodel (= 3.0.0)
      activesupport (= 3.0.0)
      builder (~> 2.1.2)
      erubis (~> 2.6.6)
      i18n (~> 0.4.1)
      rack (~> 1.2.1)
      rack-mount (~> 0.6.12)
      rack-test (~> 0.5.4)
      tzinfo (~> 0.3.23)
    activemodel (3.0.0)
      activesupport (= 3.0.0)
      builder (~> 2.1.2)
      i18n (~> 0.4.1)
    activerecord (3.0.0)
      activemodel (= 3.0.0)
      activesupport (= 3.0.0)
      arel (~> 1.0.0)
      tzinfo (~> 0.3.23)
    activeresource (3.0.0)
      activemodel (= 3.0.0)
      activesupport (= 3.0.0)
    activesupport (3.0.0)
    acts_as_reportable (1.1.1)
      ruport (>= 1.6.0)
    arel (1.0.1)
      activesupport (~> 3.0.0)
    builder (2.1.2)
    color (1.4.1)
    declarative_authorization (0.5.5)
    erubis (2.6.6)
      abstract (>= 1.0.0)
    fastercsv (1.5.4)
    hoe (3.0.3)
      rake (~> 0.8)
    i18n (0.4.2)
    jquery_datepicker (0.3.4)
    mail (2.2.19)
      activesupport (>= 2.3.6)
      i18n (>= 0.4.0)
      mime-types (~> 1.16)
      treetop (~> 1.4.8)
    mailfactory (1.4.0)
      mime-types (>= 1.13.1)
    mime-types (1.17.2)
    mysql2 (0.2.18)
    pdf-writer (1.1.8)
      color (>= 1.4.0)
      transaction-simple (~> 1.3)
    polyglot (0.3.3)
    rack (1.2.5)
    rack-mount (0.6.14)
      rack (>= 1.0.0)
    rack-test (0.5.7)
      rack (>= 1.0)
    rails (3.0.0)
      actionmailer (= 3.0.0)
      actionpack (= 3.0.0)
      activerecord (= 3.0.0)
      activeresource (= 3.0.0)
      activesupport (= 3.0.0)
      bundler (~> 1.0.0)
      railties (= 3.0.0)
    railties (3.0.0)
      actionpack (= 3.0.0)
      activesupport (= 3.0.0)
      rake (>= 0.8.4)
      thor (~> 0.14.0)
    rake (0.9.2.2)
    rubyzip (0.9.8)
    ruport (1.6.3)
      fastercsv
      pdf-writer (= 1.1.8)
    ruport-util (0.14.0)
      mailfactory (>= 1.2.3)
      rubyzip (>= 0.9.1)
      ruport (>= 1.6.0)
    thor (0.14.6)
    transaction-simple (1.4.0)
      hoe (>= 1.1.7)
    treetop (1.4.10)
      polyglot
      polyglot (>= 0.3.1)
    tzinfo (0.3.31)
    will_paginate (3.0.3)

PLATFORMS
  ruby

DEPENDENCIES
  acts_as_reportable
  declarative_authorization
  fastercsv
  jquery_datepicker
  mysql2 (< 0.3)
  rails (= 3.0.0)
  ruport
  ruport-util
  will_paginate
